GEM
  remote: https://rubygems.org/
  specs:
    json (2.6.3)

PLATFORMS
  arm64-darwin-22

DEPENDENCIES
  json

BUNDLED WITH
   2.2.3
