GEM
  remote: https://rubygems.org/
  specs:
    diff-lcs (1.5.0)
    json (2.6.3)
    matrix (0.4.2)
    rake (13.0.6)
    rspec (3.12.0)
      rspec-core (~> 3.12.0)
      rspec-expectations (~> 3.12.0)
      rspec-mocks (~> 3.12.0)
    rspec-core (3.12.2)
      rspec-support (~> 3.12.0)
    rspec-expectations (3.12.3)
      diff-lcs (>= 1.2.0, < 2.0)
      rspec-support (~> 3.12.0)
    rspec-mocks (3.12.5)
      diff-lcs (>= 1.2.0, < 2.0)
      rspec-support (~> 3.12.0)
    rspec-support (3.12.0)

PLATFORMS
  arm64-darwin-22

DEPENDENCIES
  json
  matrix
  rake
  rspec

BUNDLED WITH
   2.2.3
